GEM
  remote: https://rubygems.org/
  specs:
    CFPropertyList (2.2.8)
    bzip2-ffi (1.1.0)
      ffi (~> 1.0)
    colorize (0.7.7)
    facter (2.4.6)
      CFPropertyList (~> 2.2.6)
    ffi (1.15.5)
    io-like (0.3.1)
    progressbar (0.21.0)
    rake (13.0.6)
    ruby-xz (0.2.3)
      ffi (~> 1.9)
      io-like (~> 0.3)

PLATFORMS
  ruby

DEPENDENCIES
  bzip2-ffi
  colorize
  facter
  progressbar
  rake (>= 12.3.3)
  ruby-xz (= 0.2.3)

BUNDLED WITH
   1.17.3
